GEM
  remote: http://rubygems.org/
  specs:
    activesupport (3.2.1)
      i18n (~> 0.6)
      multi_json (~> 1.0)
    coffee-script (2.2.0)
      coffee-script-source
      execjs
    coffee-script-source (1.2.0)
    execjs (1.2.13)
      multi_json (~> 1.0)
    haml (3.1.2)
    i18n (0.6.0)
    in_bed_with (0.1.0)
      activesupport (~> 3.1)
    multi_json (1.0.4)
    rack (1.3.1)
    sass (3.1.4)
    sinatra (1.2.6)
      rack (~> 1.1)
      tilt (>= 1.2.2, < 2.0)
    therubyracer-heroku (0.8.1.pre3)
    tilt (1.3.2)

PLATFORMS
  ruby

DEPENDENCIES
  coffee-script
  haml
  in_bed_with
  sass
  sinatra
  therubyracer-heroku (= 0.8.1.pre3)
